GEM
  remote: https://rubygems.org/
  specs:
    dotenv (1.0.2)
    encrypted_cookie (0.0.5)
      rack (>= 1.1, < 3)
    faraday (0.13.1)
      multipart-post (>= 1.2, < 3)
    json (1.8.6)
    multipart-post (2.0.0)
    rack (1.6.8)
    rack-protection (1.5.3)
      rack
    sinatra (1.4.7)
      rack (~> 1.5)
      rack-protection (~> 1.4)
      tilt (>= 1.3, < 3)
    stripe (2.12.0)
      faraday (~> 0.9)
    tilt (2.0.8)

PLATFORMS
  ruby

DEPENDENCIES
  dotenv (= 1.0.2)
  encrypted_cookie
  json (= 1.8.6)
  sinatra (= 1.4.7)
  stripe (= 2.12.0)

BUNDLED WITH
   1.16.1
